PATH
  remote: .
  specs:
    db_transformer (0.1.4)
      faker
      mysql2 (~> 0.5.0)
      parallel (~> 1.22)
      sequel (~> 5.56)
      thor (~> 1.2)

GEM
  remote: https://rubygems.org/
  specs:
    concurrent-ruby (1.1.10)
    diff-lcs (1.5.0)
    faker (2.21.0)
      i18n (>= 1.8.11, < 2)
    i18n (1.10.0)
      concurrent-ruby (~> 1.0)
    mysql2 (0.5.4)
    parallel (1.22.1)
    rake (13.0.6)
    rspec (3.11.0)
      rspec-core (~> 3.11.0)
      rspec-expectations (~> 3.11.0)
      rspec-mocks (~> 3.11.0)
    rspec-core (3.11.0)
      rspec-support (~> 3.11.0)
    rspec-expectations (3.11.0)
      diff-lcs (>= 1.2.0, < 2.0)
      rspec-support (~> 3.11.0)
    rspec-mocks (3.11.1)
      diff-lcs (>= 1.2.0, < 2.0)
      rspec-support (~> 3.11.0)
    rspec-support (3.11.0)
    sequel (5.56.0)
    thor (1.2.1)

PLATFORMS
  x86_64-darwin-19

DEPENDENCIES
  db_transformer!
  rake (~> 13.0)
  rspec (~> 3.0)

BUNDLED WITH
   2.2.28
