PATH
  remote: .
  specs:
    db_transformer (0.2.0)
      faker
      parallel (~> 1.22)
      sequel (~> 5.56)
      thor (~> 1.2)
      trilogy (~> 2.9)

GEM
  remote: https://rubygems.org/
  specs:
    bigdecimal (3.2.2)
    concurrent-ruby (1.3.5)
    diff-lcs (1.5.0)
    faker (3.5.2)
      i18n (>= 1.8.11, < 2)
    i18n (1.14.7)
      concurrent-ruby (~> 1.0)
    parallel (1.27.0)
    rake (13.0.6)
    rspec (3.11.0)
      rspec-core (~> 3.11.0)
      rspec-expectations (~> 3.11.0)
      rspec-mocks (~> 3.11.0)
    rspec-core (3.11.0)
      rspec-support (~> 3.11.0)
    rspec-expectations (3.11.0)
      diff-lcs (>= 1.2.0, < 2.0)
      rspec-support (~> 3.11.0)
    rspec-mocks (3.11.1)
      diff-lcs (>= 1.2.0, < 2.0)
      rspec-support (~> 3.11.0)
    rspec-support (3.11.0)
    sequel (5.94.0)
      bigdecimal
    thor (1.4.0)
    trilogy (2.9.0)

PLATFORMS
  arm64-darwin-24
  x86_64-darwin-19

DEPENDENCIES
  db_transformer!
  rake (~> 13.0)
  rspec (~> 3.0)

BUNDLED WITH
   2.2.28
